GIT
  remote: git://github.com/jemmyw/em-couchdb.git
  revision: 82503a4c0d84cc5f59c14da0dd8576607988716e
  specs:
    em-couchdb (0.0.2)
      em-http-request (>= 0.2.10)
      eventmachine (>= 0.12.10)
      json (>= 1.4.3)

PATH
  remote: .
  specs:
    storward (0.1)
      addressable (>= 2.2.6)
      em-http-request (~> 0.3.0)
      eventmachine (>= 0.12.10)
      eventmachine_httpserver (>= 0.2.1)

GEM
  remote: http://rubygems.org/
  specs:
    addressable (2.2.6)
    archive-tar-minitar (0.5.2)
    builder (3.0.0)
    columnize (0.3.2)
    cucumber (1.0.0)
      builder (>= 2.1.2)
      diff-lcs (>= 1.1.2)
      gherkin (~> 2.4.1)
      json (>= 1.4.6)
      term-ansicolor (>= 1.0.5)
    diff-lcs (1.1.2)
    em-http-request (0.3.0)
      addressable (>= 2.0.0)
      escape_utils
      eventmachine (>= 0.12.9)
    em-synchrony (0.2.0)
      eventmachine (>= 0.12.9)
    escape_utils (0.2.3)
    eventmachine (0.12.10)
    eventmachine_httpserver (0.2.1)
    gherkin (2.4.1)
      json (>= 1.4.6)
    json (1.5.3)
    linecache19 (0.5.12)
      ruby_core_source (>= 0.1.4)
    ruby-debug-base19 (0.11.25)
      columnize (>= 0.3.1)
      linecache19 (>= 0.5.11)
      ruby_core_source (>= 0.1.4)
    ruby-debug19 (0.11.6)
      columnize (>= 0.3.1)
      linecache19 (>= 0.5.11)
      ruby-debug-base19 (>= 0.11.19)
    ruby_core_source (0.1.5)
      archive-tar-minitar (>= 0.5.2)
    term-ansicolor (1.0.5)

PLATFORMS
  ruby

DEPENDENCIES
  cucumber
  em-couchdb!
  em-synchrony
  ruby-debug19
  storward!
